GEM
  remote: https://rubygems.org/
  specs:
    arrayfields (4.9.0)
    json (1.8.0)
    sqlite3 (1.3.7)

PLATFORMS
  ruby

DEPENDENCIES
  arrayfields
  json
  sqlite3
